STORAGE: NONE
NUGET
  remote: https://api.nuget.org/v3/index.json
    BouncyCastle.Cryptography (2.5)
    FSharp.Core (9.0.101) - restriction: >= net6.0
    FsHttp (15.0.1)
      FSharp.Core (>= 5.0.2) - restriction: >= net6.0

GROUP Test.Yopass
NUGET
  remote: https://api.nuget.org/v3/index.json
    BouncyCastle.Cryptography (2.5) - restriction: || (&& (< net8.0) (>= netstandard2.1)) (>= netstandard2.0)
    Docker.DotNet.Enhanced (3.126.1) - restriction: >= netstandard2.0
      System.Buffers (>= 4.5.1) - restriction: || (&& (< net8.0) (>= netstandard2.1)) (&& (>= netstandard2.0) (< netstandard2.1))
      System.IO.Pipelines (>= 8.0) - restriction: || (&& (>= net8.0) (< net9.0)) (&& (< net8.0) (>= netstandard2.1)) (&& (>= netstandard2.0) (< netstandard2.1))
      System.Net.Http.Json (>= 8.0.1) - restriction: || (&& (< net8.0) (>= netstandard2.1)) (&& (>= netstandard2.0) (< netstandard2.1))
      System.Text.Json (>= 8.0.5) - restriction: || (&& (< net8.0) (>= netstandard2.1)) (&& (>= netstandard2.0) (< netstandard2.1))
    Docker.DotNet.Enhanced.X509 (3.126.1) - restriction: >= netstandard2.0
      Docker.DotNet.Enhanced (>= 3.126.1) - restriction: >= netstandard2.0
    Expecto (10.2.1)
      FSharp.Core (>= 7.0.200) - restriction: >= net6.0
      Mono.Cecil (>= 0.11.4 < 1.0) - restriction: >= net6.0
    FSharp.Core (9.0.101) - restriction: >= net6.0
    Microsoft.Bcl.AsyncInterfaces (9.0.1) - restriction: || (&& (>= net462) (>= netstandard2.0)) (&& (>= net462) (>= netstandard2.1)) (&& (< net8.0) (>= netstandard2.1)) (&& (>= netstandard2.0) (< netstandard2.1))
      System.Threading.Tasks.Extensions (>= 4.5.4) - restriction: || (>= net462) (&& (>= netstandard2.0) (< netstandard2.1))
    Microsoft.Bcl.HashCode (6.0) - restriction: || (&& (< net8.0) (>= netstandard2.1)) (&& (>= netstandard2.0) (< netstandard2.1))
    Microsoft.CodeCoverage (17.12) - restriction: || (>= net462) (>= netcoreapp3.1)
    Microsoft.Extensions.DependencyInjection.Abstractions (9.0.1) - restriction: >= netstandard2.0
      Microsoft.Bcl.AsyncInterfaces (>= 9.0.1) - restriction: || (>= net462) (&& (>= netstandard2.0) (< netstandard2.1))
      System.Threading.Tasks.Extensions (>= 4.5.4) - restriction: || (>= net462) (&& (>= netstandard2.0) (< netstandard2.1))
    Microsoft.Extensions.Logging.Abstractions (9.0.1) - restriction: >= netstandard2.0
      Microsoft.Extensions.DependencyInjection.Abstractions (>= 9.0.1) - restriction: || (>= net462) (>= netstandard2.0)
      System.Buffers (>= 4.5.1) - restriction: || (>= net462) (&& (< net8.0) (>= netstandard2.0))
      System.Diagnostics.DiagnosticSource (>= 9.0.1) - restriction: || (>= net462) (&& (>= net8.0) (< net9.0)) (&& (< net8.0) (>= netstandard2.0))
      System.Memory (>= 4.5.5) - restriction: || (>= net462) (&& (< net8.0) (>= netstandard2.0))
    Microsoft.NET.Test.Sdk (17.12)
      Microsoft.CodeCoverage (>= 17.12) - restriction: || (>= net462) (>= netcoreapp3.1)
      Microsoft.TestPlatform.TestHost (>= 17.12) - restriction: >= netcoreapp3.1
    Microsoft.TestPlatform.ObjectModel (17.12) - restriction: >= netcoreapp3.1
      System.Reflection.Metadata (>= 1.6) - restriction: || (>= net462) (>= netstandard2.0)
    Microsoft.TestPlatform.TestHost (17.12) - restriction: >= netcoreapp3.1
      Microsoft.TestPlatform.ObjectModel (>= 17.12) - restriction: >= netcoreapp3.1
      Newtonsoft.Json (>= 13.0.1) - restriction: >= netcoreapp3.1
    Mono.Cecil (0.11.6) - restriction: >= net6.0
    Newtonsoft.Json (13.0.3) - restriction: >= netcoreapp3.1
    SharpZipLib (1.4.2) - restriction: >= netstandard2.0
      System.Memory (>= 4.5.4) - restriction: && (>= netstandard2.0) (< netstandard2.1)
      System.Threading.Tasks.Extensions (>= 4.5.2) - restriction: && (>= netstandard2.0) (< netstandard2.1)
    SSH.NET (2024.2) - restriction: >= netstandard2.0
      BouncyCastle.Cryptography (>= 2.4) - restriction: || (>= net462) (>= netstandard2.0)
      Microsoft.Bcl.AsyncInterfaces (>= 1.0) - restriction: || (>= net462) (&& (>= netstandard2.0) (< netstandard2.1))
      System.Formats.Asn1 (>= 8.0.1) - restriction: || (>= net462) (&& (< net6.0) (>= netstandard2.1)) (&& (>= netstandard2.0) (< netstandard2.1))
    System.Buffers (4.6) - restriction: || (&& (>= net462) (>= netstandard2.0)) (&& (>= net462) (>= netstandard2.1)) (&& (< net6.0) (>= netstandard2.1)) (&& (< net8.0) (>= netstandard2.0)) (&& (< netcoreapp2.1) (>= netstandard2.0)) (&& (>= netstandard2.0) (< netstandard2.1))
    System.Collections.Immutable (9.0.1) - restriction: || (&& (>= net462) (>= netcoreapp3.1)) (>= net6.0) (&& (>= net8.0) (< net9.0)) (&& (< net8.0) (>= netcoreapp3.1))
      System.Memory (>= 4.5.5) - restriction: || (>= net462) (&& (< net8.0) (>= netstandard2.0))
      System.Runtime.CompilerServices.Unsafe (>= 6.0) - restriction: || (>= net462) (&& (< net8.0) (>= netstandard2.0))
    System.Diagnostics.DiagnosticSource (9.0.1) - restriction: || (&& (>= net462) (>= netstandard2.0)) (&& (>= net8.0) (< net9.0)) (&& (< net8.0) (>= netstandard2.0))
      System.Memory (>= 4.5.5) - restriction: || (>= net462) (&& (< net8.0) (>= netstandard2.0))
      System.Runtime.CompilerServices.Unsafe (>= 6.0) - restriction: || (>= net462) (&& (< net8.0) (>= netstandard2.0))
    System.Formats.Asn1 (9.0.1) - restriction: || (&& (>= net462) (>= netstandard2.0)) (&& (< net6.0) (>= netstandard2.1)) (&& (>= netstandard2.0) (< netstandard2.1))
      System.Buffers (>= 4.5.1) - restriction: || (>= net462) (&& (< net8.0) (>= netstandard2.0))
      System.Memory (>= 4.5.5) - restriction: || (>= net462) (&& (< net8.0) (>= netstandard2.0))
      System.ValueTuple (>= 4.5) - restriction: >= net462
    System.IO.Pipelines (9.0.1) - restriction: || (&& (>= net462) (>= netstandard2.0)) (&& (>= net462) (>= netstandard2.1)) (&& (>= net8.0) (< net9.0)) (&& (>= net8.0) (< netstandard2.1)) (&& (< net8.0) (>= netstandard2.1)) (&& (>= netstandard2.0) (< netstandard2.1))
      System.Buffers (>= 4.5.1) - restriction: || (>= net462) (&& (< net8.0) (>= netstandard2.0))
      System.Memory (>= 4.5.5) - restriction: || (>= net462) (&& (< net8.0) (>= netstandard2.0))
      System.Threading.Tasks.Extensions (>= 4.5.4) - restriction: || (>= net462) (&& (< net8.0) (>= netstandard2.0))
    System.Memory (4.6) - restriction: || (&& (>= net462) (>= net6.0)) (&& (>= net462) (>= netcoreapp3.1)) (&& (>= net462) (>= netstandard2.0)) (&& (>= net462) (>= netstandard2.1)) (&& (>= net6.0) (< net8.0)) (&& (< net6.0) (>= netstandard2.1)) (&& (< net8.0) (>= netcoreapp3.1)) (&& (< net8.0) (>= netstandard2.0)) (&& (>= netstandard2.0) (< netstandard2.1))
      System.Buffers (>= 4.6) - restriction: || (>= net462) (&& (< netcoreapp2.1) (>= netstandard2.0))
      System.Numerics.Vectors (>= 4.6) - restriction: || (>= net462) (&& (< netcoreapp2.1) (>= netstandard2.0))
      System.Runtime.CompilerServices.Unsafe (>= 6.1) - restriction: || (>= net462) (&& (< netcoreapp2.1) (>= netstandard2.0))
    System.Net.Http.Json (9.0.1) - restriction: || (&& (< net8.0) (>= netstandard2.1)) (&& (>= netstandard2.0) (< netstandard2.1))
      System.Buffers (>= 4.5.1) - restriction: || (>= net462) (&& (< net8.0) (>= netstandard2.0))
      System.Memory (>= 4.5.5) - restriction: || (>= net462) (&& (< net8.0) (>= netstandard2.0))
      System.Text.Json (>= 9.0.1) - restriction: || (>= net462) (&& (>= net8.0) (< net9.0)) (&& (< net8.0) (>= netstandard2.0))
      System.Threading.Tasks.Extensions (>= 4.5.4) - restriction: || (>= net462) (&& (< net8.0) (>= netstandard2.0))
    System.Numerics.Vectors (4.6) - restriction: || (&& (>= net462) (>= netstandard2.0)) (&& (< netcoreapp2.1) (>= netstandard2.0))
    System.Reflection.Metadata (9.0.1) - restriction: >= netcoreapp3.1
      System.Collections.Immutable (>= 9.0.1) - restriction: || (>= net462) (&& (>= net8.0) (< net9.0)) (&& (< net8.0) (>= netstandard2.0))
      System.Memory (>= 4.5.5) - restriction: || (>= net462) (&& (< net8.0) (>= netstandard2.0))
    System.Runtime.CompilerServices.Unsafe (6.1) - restriction: || (&& (>= net462) (>= net6.0)) (&& (>= net462) (>= net8.0)) (&& (>= net462) (>= netstandard2.0)) (&& (>= net462) (>= netstandard2.1)) (&& (>= net6.0) (< net8.0)) (&& (< net8.0) (>= netstandard2.0)) (&& (< netcoreapp2.1) (>= netstandard2.0))
    System.Text.Encodings.Web (9.0.1) - restriction: || (&& (>= net462) (>= netstandard2.0)) (&& (>= net462) (>= netstandard2.1)) (&& (>= net8.0) (< netstandard2.1)) (&& (< net8.0) (>= netstandard2.1)) (&& (>= netstandard2.0) (< netstandard2.1))
      System.Buffers (>= 4.5.1) - restriction: || (>= net462) (&& (< net8.0) (>= netstandard2.0))
      System.Memory (>= 4.5.5) - restriction: || (>= net462) (&& (< net8.0) (>= netstandard2.0))
      System.Runtime.CompilerServices.Unsafe (>= 6.0) - restriction: || (>= net462) (&& (< net8.0) (>= netstandard2.0))
    System.Text.Json (9.0.1) - restriction: || (&& (>= net462) (>= netstandard2.0)) (&& (>= net462) (>= netstandard2.1)) (&& (>= net8.0) (< netstandard2.1)) (&& (< net8.0) (>= netstandard2.1)) (&& (>= netstandard2.0) (< netstandard2.1))
      Microsoft.Bcl.AsyncInterfaces (>= 9.0.1) - restriction: || (>= net462) (&& (< net8.0) (>= netstandard2.0))
      System.Buffers (>= 4.5.1) - restriction: || (>= net462) (&& (< net8.0) (>= netstandard2.0))
      System.IO.Pipelines (>= 9.0.1) - restriction: || (>= net462) (&& (>= net8.0) (< net9.0)) (&& (< net8.0) (>= netstandard2.0))
      System.Memory (>= 4.5.5) - restriction: || (>= net462) (&& (< net8.0) (>= netstandard2.0))
      System.Runtime.CompilerServices.Unsafe (>= 6.0) - restriction: || (>= net462) (&& (< net8.0) (>= netstandard2.0))
      System.Text.Encodings.Web (>= 9.0.1) - restriction: || (>= net462) (&& (>= net8.0) (< net9.0)) (&& (< net8.0) (>= netstandard2.0))
      System.Threading.Tasks.Extensions (>= 4.5.4) - restriction: || (>= net462) (&& (< net8.0) (>= netstandard2.0))
      System.ValueTuple (>= 4.5) - restriction: >= net462
    System.Threading.Tasks.Extensions (4.6) - restriction: || (&& (>= net462) (>= netstandard2.0)) (&& (>= net462) (>= netstandard2.1)) (&& (< net8.0) (>= netstandard2.1)) (&& (>= netstandard2.0) (< netstandard2.1))
      System.Runtime.CompilerServices.Unsafe (>= 6.1) - restriction: || (>= net462) (&& (< netcoreapp2.1) (>= netstandard2.0))
    System.ValueTuple (4.5) - restriction: || (&& (>= net462) (>= netstandard2.0)) (&& (>= net462) (>= netstandard2.1))
    Testcontainers (4.1)
      BouncyCastle.Cryptography (>= 2.4) - restriction: || (&& (< net8.0) (>= netstandard2.1)) (&& (>= netstandard2.0) (< netstandard2.1))
      Docker.DotNet.Enhanced (>= 3.126.1) - restriction: >= netstandard2.0
      Docker.DotNet.Enhanced.X509 (>= 3.126.1) - restriction: >= netstandard2.0
      Microsoft.Bcl.AsyncInterfaces (>= 8.0) - restriction: || (&& (< net8.0) (>= netstandard2.1)) (&& (>= netstandard2.0) (< netstandard2.1))
      Microsoft.Bcl.HashCode (>= 1.1.1) - restriction: || (&& (< net8.0) (>= netstandard2.1)) (&& (>= netstandard2.0) (< netstandard2.1))
      Microsoft.Extensions.Logging.Abstractions (>= 8.0.2) - restriction: >= netstandard2.0
      SharpZipLib (>= 1.4.2) - restriction: >= netstandard2.0
      SSH.NET (>= 2024.1) - restriction: >= netstandard2.0
    YoloDev.Expecto.TestSdk (0.14.3)
      Expecto (>= 10.0 < 11.0) - restriction: >= net6.0
      FSharp.Core (>= 7.0.200) - restriction: >= net6.0
      System.Collections.Immutable (>= 6.0) - restriction: >= net6.0
