STORAGE: NONE
NUGET
  remote: https://api.nuget.org/v3/index.json
    Fli (1.111.10)
      FSharp.Core (>= 6.0.7)
    FSharp.Core (9.0.100)

GROUP Test.Yopass.CLI
NUGET
  remote: https://api.nuget.org/v3/index.json
    Expecto (10.2.1)
      FSharp.Core (>= 7.0.200) - restriction: >= net6.0
      Mono.Cecil (>= 0.11.4 < 1.0) - restriction: >= net6.0
    FSharp.Core (9.0.100) - restriction: >= net6.0
    Mono.Cecil (0.11.6) - restriction: >= net6.0
